GEM
  remote: https://rubygems.org/
  specs:
    abbrev (0.1.1, default: 0.1.0)
activesupport (7.0.4.3)
addressable (2.8.4, 2.8.1)
base64 (0.1.1, default: 0.1.0)
benchmark (0.2.1, default: 0.1.1)
bigdecimal (3.1.4, 3.1.3, default: 3.0.0)
bundler (2.4.12, 2.4.7, 2.4.1, default: 2.2.22)
cgi (0.3.6, default: 0.2.0)
coffee-script (2.4.1)
coffee-script-source (1.12.2, 1.11.1)
colorator (1.1.0)
commonmarker (0.23.9)
concurrent-ruby (1.2.2, 1.1.10)
csv (3.2.6, default: 3.1.9)
date (3.3.3, default: 3.1.0)
dbm (default: 1.1.0)
debug (1.7.2, 1.7.1, default: 0.1.0)
delegate (0.3.0, default: 0.2.0)
did_you_mean (1.6.3, default: 1.5.0)
digest (3.1.1, default: 3.0.0)
dnsruby (1.70.0)
drb (2.1.1, default: 2.0.4)
em-websocket (0.5.3)
english (0.7.2, default: 0.7.1)
erb (4.0.2, default: 2.2.0)
etc (1.4.2, default: 1.2.0)
ethon (0.16.0)
eventmachine (1.2.7)
execjs (2.8.1)
faraday (2.7.4)
faraday-net_http (3.0.2)
fcntl (1.0.2, default: 1.0.0)
ffi (1.15.5)
fiddle (default: 1.0.6)
fileutils (1.7.1, 1.7.0, default: 1.5.0)
find (0.1.1, default: 0.1.0)
forwardable (1.3.3, default: 1.3.2)
forwardable-extended (2.6.0)
gdbm (default: 2.1.0)
gemoji (4.1.0, 3.0.1)
getoptlong (0.2.0, default: 0.1.1)
github-pages (228)
github-pages-health-check (1.18.1, 1.17.9)
google-protobuf (3.22.3 x86_64-linux, 3.22.0 x86_64-linux, 3.21.12 x86_64-linux)
html-pipeline (2.14.3)
http_parser.rb (0.8.0)
i18n (1.13.0, 1.12.0)
io-console (0.6.0, default: 0.5.7)
io-nonblock (0.2.0, default: 0.1.0)
io-wait (0.3.0, default: 0.1.0)
ipaddr (1.2.5, default: 1.2.2)
irb (1.6.4, 1.6.3, default: 1.3.5)
jekyll (4.3.2, 4.3.1, 3.9.3)
jekyll-avatar (0.8.0, 0.7.0)
jekyll-coffeescript (2.0.0, 1.1.1)
jekyll-commonmark (1.4.0)
jekyll-commonmark-ghpages (0.4.0)
jekyll-default-layout (0.1.5, 0.1.4)
jekyll-feed (0.17.0, 0.15.1)
jekyll-gist (1.5.0)
jekyll-github-metadata (2.16.0, 2.13.0)
jekyll-include-cache (0.2.1)
jekyll-mentions (1.6.0)
jekyll-optional-front-matter (0.3.2)
jekyll-paginate (1.1.0)
jekyll-readme-index (0.3.0)
jekyll-redirect-from (0.16.0)
jekyll-relative-links (0.7.0, 0.6.1)
jekyll-remote-theme (0.4.3)
jekyll-sass-converter (3.0.0, 1.5.2)
jekyll-seo-tag (2.8.0)
jekyll-sitemap (1.4.0)
jekyll-swiss (1.0.0)
jekyll-theme-architect (0.2.0)
jekyll-theme-cayman (0.2.0)
jekyll-theme-dinky (0.2.0)
jekyll-theme-hacker (0.2.0)
jekyll-theme-leap-day (0.2.0)
jekyll-theme-merlot (0.2.0)
jekyll-theme-midnight (0.2.0)
jekyll-theme-minimal (0.2.0)
jekyll-theme-modernist (0.2.0)
jekyll-theme-primer (0.6.0)
jekyll-theme-slate (0.2.0)
jekyll-theme-tactile (0.2.0)
jekyll-theme-time-machine (0.2.0)
jekyll-titles-from-headings (0.5.3)
jekyll-watch (2.2.1)
jemoji (0.13.0, 0.12.0)
json (2.6.3, default: 2.5.1)
kramdown (2.4.0, 2.3.2)
kramdown-parser-gfm (1.1.0)
liquid (5.4.0, 4.0.4, 4.0.3)
listen (3.8.0, 3.7.1)
logger (1.5.3, default: 1.4.3)
matrix (0.4.2, default: 0.3.1)
mercenary (0.4.0, 0.3.6)
minima (2.5.1)
minitest (5.18.0, 5.14.2)
mutex_m (0.1.2, default: 0.1.1)
net-ftp (0.2.0, default: 0.1.2)
net-http (0.3.2, default: 0.1.1)
net-imap (0.3.4, default: 0.1.1)
net-pop (0.1.2, default: 0.1.1)
net-protocol (0.2.1, default: 0.1.0)
net-smtp (0.3.3, default: 0.2.1)
net-telnet (0.2.0, 0.1.1)
nkf (0.1.2, default: 0.1.0)
nokogiri (1.14.3 x86_64-linux)
observer (default: 0.1.1)
octokit (6.1.1, 4.25.1)
open-uri (0.3.0, default: 0.1.0)
open3 (0.1.2, default: 0.1.1)
openssl (default: 3.0.0)
optparse (0.3.1, default: 0.1.0)
ostruct (0.5.5, default: 0.3.1)
pathname (0.2.1, default: 0.1.0)
pathutil (0.16.2)
power_assert (2.0.3, 1.2.0)
pp (0.4.0, default: 0.1.0)
prettyprint (0.1.1, default: 0.1.0)
prime (default: 0.1.2)
pstore (0.1.2, default: 0.1.1)
psych (default: 3.3.0)
public_suffix (5.0.1, 4.0.7)
racc (1.6.2, default: 1.5.1)
rake (13.0.6, 13.0.3)
rb-fsevent (0.11.2)
rb-inotify (0.10.1)
rbs (3.1.0, 3.0.3, 1.0.4)
rdoc (default: 6.3.1)
readline (0.0.3, default: 0.0.2)
readline-ext (default: 0.1.1)
reline (0.3.3, 0.3.2, default: 0.2.5)
resolv (0.2.2, default: 0.2.0)
resolv-replace (0.1.1, default: 0.1.0)
rexml (3.2.5)
rinda (0.1.1, default: 0.1.0)
rouge (4.1.0, 4.0.1, 3.26.0)
rss (0.2.9)
ruby2_keywords (0.0.5)
rubygems-update (3.4.12, 3.4.7, 3.3.5)
rubyzip (2.3.2)
safe_yaml (1.0.5)
sass (3.7.4)
sass-embedded (1.62.1, 1.58.3, 1.57.1)
sass-listen (4.0.0)
sawyer (0.9.2)
securerandom (0.2.2, default: 0.1.0)
set (1.0.3, default: 1.0.1)
shellwords (default: 0.1.0)
simpleidn (0.2.1)
singleton (default: 0.1.1)
stringio (3.0.6, 3.0.5, default: 3.0.0)
strscan (3.0.6, default: 3.0.0)
syslog (0.1.1, default: 0.1.0)
tempfile (0.1.3, default: 0.1.1)
terminal-table (3.0.2, 1.8.0)
test-unit (3.5.7, 3.3.7)
time (0.2.2, 0.2.1, default: 0.1.0)
timeout (0.3.2, default: 0.1.1)
tmpdir (0.1.3, default: 0.1.2)
tracer (default: 0.1.1)
tsort (0.1.1, default: 0.1.0)
typeprof (0.21.7, 0.12.0)
typhoeus (1.4.0)
tzinfo (2.0.6)
un (0.2.1, default: 0.1.0)
unf (0.1.4)
unf_ext (0.0.8.2)
unicode-display_width (2.4.2, 2.3.0, 1.8.0)
uri (0.12.1, 0.12.0, default: 0.10.1)
weakref (0.1.2, default: 0.1.1)
webrick (1.8.1, 1.7.0)
xmlrpc (0.3.2)
yaml (0.2.1, default: 0.1.1)
zlib (3.0.0, default: 1.1.0)

PLATFORMS
  x86_64-linux

DEPENDENCIES

BUNDLED WITH
   2.4.1